GEM
  remote: https://rubygems.org/
  specs:
    diff-lcs (1.2.5)
    et (0.5.9)
      gli (= 2.11.0)
      multipart-post (~> 2.0)
      rspec (~> 3.0)
      rspec-mocks (~> 3.0)
    gli (2.11.0)
    multipart-post (2.0.0)
    rspec (3.5.0)
      rspec-core (~> 3.5.0)
      rspec-expectations (~> 3.5.0)
      rspec-mocks (~> 3.5.0)
    rspec-core (3.5.2)
      rspec-support (~> 3.5.0)
    rspec-expectations (3.5.0)
      diff-lcs (>= 1.2.0, < 2.0)
      rspec-support (~> 3.5.0)
    rspec-mocks (3.5.0)
      diff-lcs (>= 1.2.0, < 2.0)
      rspec-support (~> 3.5.0)
    rspec-support (3.5.0)

PLATFORMS
  ruby

DEPENDENCIES
  et

BUNDLED WITH
   1.12.5
